PATH
  remote: .
  specs:
    scraper_rb (0.1.1)
      faraday (~> 1.0, >= 1.0.1)

GEM
  remote: https://rubygems.org/
  specs:
    awesome_print (1.8.0)
    bond (0.5.1)
    colorize (0.8.1)
    faraday (1.0.1)
      multipart-post (>= 1.2, < 3)
    minitest (5.14.2)
    multipart-post (2.1.1)
    rake (12.3.3)
    wirble (0.1.3)

PLATFORMS
  ruby

DEPENDENCIES
  awesome_print (~> 1.8)
  bond (~> 0.5.1)
  colorize (~> 0.8.1)
  minitest (~> 5.0)
  rake (~> 12.0)
  scraper_rb!
  wirble (~> 0.1.3)

BUNDLED WITH
   2.1.4
